GIT
  remote: https://github.com/graygilmore/middleman-deploy.git
  revision: 412a782436ec94a703a13797fdc925be6c0e8851
  specs:
    middleman-deploy (2.0.0.pre.alpha)
      middleman (>= 4.1.11)
      net-sftp
      ptools

GIT
  remote: https://github.com/middleman/middleman.git
  revision: 3f207e7abed8adfe45a0c4c1f1bc67b86a97aa83
  specs:
    middleman (5.0.0.rc.2)
      coffee-script (~> 2.2)
      haml (>= 4.0.5)
      kramdown (~> 2.3)
      middleman-cli (= 5.0.0.rc.2)
      middleman-core (= 5.0.0.rc.2)
    middleman-cli (5.0.0.rc.2)
      thor (>= 0.17.0, < 2.0)
    middleman-core (5.0.0.rc.2)
      activesupport (>= 5.0.0)
      addressable (~> 2.3)
      bundler
      contracts (~> 0.16.0)
      dotenv
      erubis
      execjs (~> 2.0)
      fastimage (~> 2.0)
      hamster (~> 3.0)
      hashie (~> 3.4)
      i18n (~> 0.9.0)
      listen (~> 3.0)
      memoist (~> 0.14)
      oj (~> 3.7)
      padrino-helpers (~> 0.14.4)
      parallel
      rack (>= 1.4.5, < 3)
      rgl (~> 0.5.3)
      sassc (~> 2.0)
      servolux
      tilt (~> 2.0.9)
      uglifier (~> 4.1)

GIT
  remote: https://github.com/westonganger/middleman-blog-similar.git
  revision: 6ad7305252e791b08d666ed0ca73f123dce758dd
  specs:
    middleman-blog-similar (2.0.1)
      activerecord (~> 5.0, >= 5.0.0)
      middleman-blog (>= 4.0.0)
      middleman-core (>= 4.0.0)
      sqlite3 (~> 1.3)

GIT
  remote: https://github.com/westonganger/middleman-disqus.git
  revision: 971e2c119df0e18447f7615d732b31ca8763bcd0
  specs:
    middleman-disqus (1.2.0)
      middleman-core (>= 4.0)

GIT
  remote: https://github.com/westonganger/middleman-favicon-maker.git
  revision: c955b88e9799810fe2c9e38b746df0a4b553eeae
  specs:
    middleman-favicon-maker (4.1.0)
      favicon_maker (~> 1.3, >= 1.3.1)
      middleman-core (>= 4.0)

GIT
  remote: https://github.com/westonganger/middleman-imageoptim.git
  revision: 76148fb06256768ba2bfb9938439e6e83b3f697f
  specs:
    middleman-imageoptim (0.3.0)
      image_optim (~> 0.25.0)
      image_optim_pack (~> 0.2.1)
      middleman-cli
      middleman-core (>= 3.1)

GIT
  remote: https://github.com/westonganger/middleman-search.git
  revision: c8b86ef29605b8eeeb82aa203c2579c840b0d800
  specs:
    middleman-search (0.10.0)
      middleman-core
      mini_racer
      nokogiri

GIT
  remote: https://github.com/westonganger/middleman-simple-thumbnailer.git
  revision: 7b592cb781a6cb68e9846204a3743515479185ef
  specs:
    middleman-simple-thumbnailer (1.3.1)
      middleman-core (>= 4)
      mini_magick (~> 4)

GIT
  remote: https://github.com/westonganger/middleman-sitemap
  revision: 15efdded087fbf2475bc878e02aec1c2c480a3e9
  specs:
    middleman-sitemap (0.0.13)
      middleman-core (>= 3.2.2)

GEM
  remote: https://rubygems.org/
  specs:
    activemodel (5.2.4.3)
      activesupport (= 5.2.4.3)
    activerecord (5.2.4.3)
      activemodel (= 5.2.4.3)
      activesupport (= 5.2.4.3)
      arel (>= 9.0)
    activesupport (5.2.4.3)
      concurrent-ruby (~> 1.0, >= 1.0.2)
      i18n (>= 0.7, < 2)
      minitest (~> 5.1)
      tzinfo (~> 1.1)
    addressable (2.7.0)
      public_suffix (>= 2.0.2, < 5.0)
    arel (9.0.0)
    bigdecimal (1.4.4)
    coffee-script (2.4.1)
      coffee-script-source
      execjs
    coffee-script-source (1.12.2)
    concurrent-ruby (1.1.6)
    contracts (0.16.0)
    docile (1.3.2)
    dotenv (2.7.6)
    erubis (2.7.0)
    execjs (2.7.0)
    exifr (1.3.6)
    fastimage (2.2.0)
    favicon_maker (1.3.1)
      docile (~> 1.1)
    ffi (1.13.1)
    fspath (3.1.2)
    haml (5.1.2)
      temple (>= 0.8.0)
      tilt
    hamster (3.0.0)
      concurrent-ruby (~> 1.0)
    hashie (3.6.0)
    htmlcompressor (0.2.0)
    i18n (0.9.5)
      concurrent-ruby (~> 1.0)
    image_optim (0.25.0)
      exifr (~> 1.2, >= 1.2.2)
      fspath (~> 3.0)
      image_size (~> 1.5)
      in_threads (~> 1.3)
      progress (~> 3.0, >= 3.0.1)
    image_optim_pack (0.2.3)
      fspath (>= 2.1, < 4)
      image_optim (~> 0.19)
    image_size (1.5.0)
    in_threads (1.5.4)
    kramdown (2.3.0)
      rexml
    lazy_priority_queue (0.1.1)
    libv8 (7.3.492.27.1)
    listen (3.2.1)
      rb-fsevent (~> 0.10, >= 0.10.3)
      rb-inotify (~> 0.9, >= 0.9.10)
    memoist (0.16.2)
    middleman-alias (0.0.17)
      middleman-core (>= 3.3)
    middleman-blog (4.0.3)
      addressable (~> 2.3)
      middleman-core (>= 4.0.0)
      tzinfo (>= 0.3.0)
    middleman-inline_svg (0.1.2)
      middleman-core (>= 3.4.1)
      nokogiri (>= 1.8)
    middleman-minify-html (3.4.1)
      htmlcompressor (~> 0.2.0)
      middleman-core (>= 3.2)
    middleman-robots (1.3.5)
      middleman-cli (>= 4.0)
      middleman-core (>= 4.0)
    middleman-sitemap-ping (1.0.0)
      middleman (>= 3.1)
    mini_magick (4.10.1)
    mini_portile2 (2.4.0)
    mini_racer (0.2.14)
      libv8 (> 7.3)
    minitest (5.14.1)
    net-sftp (3.0.0)
      net-ssh (>= 5.0.0, < 7.0.0)
    net-ssh (6.1.0)
    nokogiri (1.10.9)
      mini_portile2 (~> 2.4.0)
    oj (3.10.10)
      bigdecimal (~> 1.0)
    padrino-helpers (0.14.4)
      i18n (~> 0.6, >= 0.6.7)
      padrino-support (= 0.14.4)
      tilt (>= 1.4.1, < 3)
    padrino-support (0.14.4)
    parallel (1.19.2)
    progress (3.5.2)
    ptools (1.3.6)
    public_suffix (4.0.5)
    rack (2.2.3)
    rb-fsevent (0.10.4)
    rb-inotify (0.10.1)
      ffi (~> 1.0)
    rexml (3.2.4)
    rgl (0.5.6)
      lazy_priority_queue (~> 0.1.0)
      stream (~> 0.5.2)
    sassc (2.4.0)
      ffi (~> 1.9)
    servolux (0.13.0)
    sexy_form (0.9.0)
    slim (4.1.0)
      temple (>= 0.7.6, < 0.9)
      tilt (>= 2.0.6, < 2.1)
    sqlite3 (1.4.2)
    stream (0.5.2)
    temple (0.8.2)
    thor (1.0.1)
    thread_safe (0.3.6)
    tilt (2.0.10)
    tzinfo (1.2.7)
      thread_safe (~> 0.1)
    uglifier (4.2.0)
      execjs (>= 0.3.0, < 3)

PLATFORMS
  ruby

DEPENDENCIES
  image_optim_pack
  middleman!
  middleman-alias
  middleman-blog
  middleman-blog-similar!
  middleman-deploy!
  middleman-disqus!
  middleman-favicon-maker!
  middleman-imageoptim!
  middleman-inline_svg
  middleman-minify-html
  middleman-robots
  middleman-search!
  middleman-simple-thumbnailer!
  middleman-sitemap!
  middleman-sitemap-ping
  sexy_form
  slim

RUBY VERSION
   ruby 2.7.1p83

BUNDLED WITH
   2.1.4
